PATH
  remote: .
  specs:
    workbook (0.4.3)
      json
      nokogiri
      rake
      rchardet (~> 1.3)
      rubyXL
      rubyzip
      spreadsheet (>= 0.7.5)

GEM
  remote: http://rubygems.org/
  specs:
    json (1.8.0)
    json (1.8.0-java)
    mini_portile (0.5.1)
    nokogiri (1.6.0)
      mini_portile (~> 0.5.0)
    nokogiri (1.6.0-java)
      mini_portile (~> 0.5.0)
    rake (10.1.0)
    rchardet (1.3.1)
    ruby-ole (1.2.11.7)
    rubyXL (1.2.10)
    rubyzip (0.9.9)
    spreadsheet (0.8.8)
      ruby-ole (>= 1.0)

PLATFORMS
  java
  ruby

DEPENDENCIES
  workbook!
